GIT
  remote: https://github.com/instructure/ims-lti.git
  revision: b909e936a3c8ed13fec527d0dfe3c177431d2932
  specs:
    ims-lti (1.1.5)
      builder
      oauth (~> 0.4.5)
      uuid

GEM
  remote: https://rubygems.org/
  specs:
    actionmailer (4.0.5)
      actionpack (= 4.0.5)
      mail (~> 2.5.4)
    actionpack (4.0.5)
      activesupport (= 4.0.5)
      builder (~> 3.1.0)
      erubis (~> 2.7.0)
      rack (~> 1.5.2)
      rack-test (~> 0.6.2)
    actionpack-action_caching (1.1.1)
      actionpack (>= 4.0.0, < 5.0)
    actionpack-page_caching (1.0.2)
      actionpack (>= 4.0.0, < 5)
    actionpack-xml_parser (1.0.1)
      actionpack (>= 4.0.0.rc1)
    actionview-encoded_mail_to (1.0.4)
      rails
    active_attr (0.8.3)
      activemodel (>= 3.0.2, < 4.2)
      activesupport (>= 3.0.2, < 4.2)
    activemodel (4.0.5)
      activesupport (= 4.0.5)
      builder (~> 3.1.0)
    activerecord (4.0.5)
      activemodel (= 4.0.5)
      activerecord-deprecated_finders (~> 1.0.2)
      activesupport (= 4.0.5)
      arel (~> 4.0.0)
    activerecord-deprecated_finders (1.0.3)
    activerecord-jdbc-adapter (1.3.7)
      activerecord (>= 2.2)
    activerecord-jdbch2-adapter (1.3.7)
      activerecord-jdbc-adapter (~> 1.3.7)
      jdbc-h2 (~> 1.3.0)
    activerecord-jdbcpostgresql-adapter (1.3.7)
      activerecord-jdbc-adapter (~> 1.3.7)
      jdbc-postgres (>= 9.1)
    activerecord-jdbcsqlite3-adapter (1.3.7)
      activerecord-jdbc-adapter (~> 1.3.7)
      jdbc-sqlite3 (~> 3.7.2)
    activerecord-oracle_enhanced-adapter (1.5.5)
    activerecord-session_store (0.1.0)
      actionpack (>= 4.0.0, < 5)
      activerecord (>= 4.0.0, < 5)
      railties (>= 4.0.0, < 5)
    activeresource (4.0.0)
      activemodel (~> 4.0)
      activesupport (~> 4.0)
      rails-observers (~> 0.1.1)
    activesupport (4.0.5)
      i18n (~> 0.6, >= 0.6.9)
      minitest (~> 4.2)
      multi_json (~> 1.3)
      thread_safe (~> 0.1)
      tzinfo (~> 0.3.37)
    addressable (2.3.6)
    angular-gem (1.2.18.1)
      coffee-script (~> 2.2)
      railties (~> 4.0)
    angular-rails-templates (0.1.2)
      railties (>= 3.1)
      sprockets
      tilt
    ansi (1.4.3)
    arel (4.0.2)
    autoparse (0.3.3)
      addressable (>= 2.3.1)
      extlib (>= 0.9.15)
      multi_json (>= 1.0.0)
    blankslate (2.1.2.4)
    bootstrap-sass (3.1.1.1)
      sass (~> 3.2)
    brwsr (1.1.1)
    builder (3.1.4)
    callsite (0.0.11)
    cancan (1.6.10)
    capistrano (2.15.5)
      highline
      net-scp (>= 1.0.0)
      net-sftp (>= 2.0.0)
      net-ssh (>= 2.0.14)
      net-ssh-gateway (>= 1.1.0)
    capybara (2.1.0)
      mime-types (>= 1.16)
      nokogiri (>= 1.3.3)
      rack (>= 1.0.0)
      rack-test (>= 0.5.4)
      xpath (~> 2.0)
    celluloid (0.15.2)
      timers (~> 1.1.0)
    celluloid-io (0.15.0)
      celluloid (>= 0.15.0)
      nio4r (>= 0.5.0)
    childprocess (0.5.3)
      ffi (~> 1.0, >= 1.0.11)
    chunky_png (1.3.0)
    closure-compiler (1.1.10)
    coderay (1.1.0)
    coffee-rails (4.0.1)
      coffee-script (>= 2.2.0)
      railties (>= 4.0.0, < 5.0)
    coffee-script (2.2.0)
      coffee-script-source
      execjs
    coffee-script-source (1.7.0)
    columnize (0.3.6)
    compass (0.12.4)
      chunky_png (~> 1.2)
      fssm (>= 0.2.7)
      sass (~> 3.2.17)
    compass-rails (1.1.7)
      compass (>= 0.12.2)
      sprockets (<= 2.11.0)
    crack (0.4.2)
      safe_yaml (~> 1.0.0)
    dalli (2.7.2)
    data_magic (0.18)
      faker (>= 1.1.2)
      yml_reader (>= 0.2)
    diff-lcs (1.2.5)
    edn (1.0.0)
      parslet (~> 1.4.0)
    em-websocket (0.5.0)
      eventmachine (>= 0.12.9)
      http_parser.rb (~> 0.5.3)
    erubis (2.7.0)
    eventmachine (1.0.3-java)
    execjs (2.0.2)
    extlib (0.9.16)
    faker (1.3.0)
      i18n (~> 0.5)
    faraday (0.9.0)
      multipart-post (~> 1.2)
    faraday_middleware (0.9.1)
      faraday (>= 0.7.4, < 0.10)
    ffi (1.9.3-java)
    font-awesome-rails (4.0.3.1)
      railties (>= 3.2, < 5.0)
    formatador (0.2.4)
    foundation-rails (5.2.2.0)
      railties (>= 3.1.0)
      sass (>= 3.2.0)
    fssm (0.2.10)
    google-api-client (0.7.1)
      addressable (>= 2.3.2)
      autoparse (>= 0.3.3)
      extlib (>= 0.9.15)
      faraday (>= 0.9.0)
      jwt (>= 0.1.5)
      launchy (>= 2.1.1)
      multi_json (>= 1.0.0)
      retriable (>= 1.4)
      signet (>= 0.5.0)
      uuidtools (>= 2.1.0)
    guard (2.6.0)
      formatador (>= 0.2.4)
      listen (~> 2.7)
      lumberjack (~> 1.0)
      pry (>= 0.9.12)
      thor (>= 0.18.1)
    guard-livereload (1.4.0)
      em-websocket (>= 0.5.0)
      guard (>= 1.8.0)
      multi_json (~> 1.7)
    haml (4.0.5)
      tilt
    hashie (2.0.5)
    headless (1.0.1)
    highline (1.6.21)
    hike (1.2.3)
    http_parser.rb (0.5.3-java)
    httparty (0.13.1)
      json (~> 1.8)
      multi_xml (>= 0.5.2)
    i18n (0.6.9)
    icalendar (2.1.0)
    jdbc-h2 (1.3.175)
    jdbc-postgres (9.3.1101)
    jdbc-sqlite3 (3.7.2.1)
    jquery-rails (3.1.0)
      railties (>= 3.0, < 5.0)
      thor (>= 0.14, < 2.0)
    jquery-ui-rails (4.2.1)
      railties (>= 3.2.16)
    jruby-activemq (5.5.1-java)
    json (1.8.1-java)
    jwt (1.0.0)
    kaminari (0.15.1)
      actionpack (>= 3.0.0)
      activesupport (>= 3.0.0)
    launchy (2.4.2-java)
      addressable (~> 2.3)
      spoon (~> 0.0.1)
    linecache (0.46-java)
    link_header (0.0.8)
    listen (2.7.1)
      celluloid (>= 0.15.2)
      celluloid-io (>= 0.15.0)
      rb-fsevent (>= 0.9.3)
      rb-inotify (>= 0.9)
    log4r (1.1.10)
    lumberjack (1.0.5)
    macaddr (1.6.7)
      systemu (~> 2.6.2)
    mail (2.5.4)
      mime-types (~> 1.16)
      treetop (~> 1.4.8)
    meta_request (0.2.8)
      callsite
      rack-contrib
      railties
    method_source (0.8.2)
    mime-types (1.25.1)
    minitest (4.7.5)
    minitest-reporters (0.14.24)
      ansi
      builder
      minitest (>= 2.12, < 5.0)
      powerbar
    momentjs-rails (2.5.1)
      railties (>= 3.1)
    multi_json (1.10.0)
    multi_xml (0.5.5)
    multipart-post (1.2.0)
    nested_form (0.3.2)
    net-scp (1.1.2)
      net-ssh (>= 2.6.5)
    net-sftp (2.1.2)
      net-ssh (>= 2.6.5)
    net-ssh (2.8.0)
    net-ssh-gateway (1.2.0)
      net-ssh (>= 2.6.5)
    ngmin-rails (0.4.0)
      rails (>= 3.1)
    nio4r (1.0.0-java)
    nokogiri (1.5.11-java)
    oauth (0.4.7)
    omniauth (1.1.4)
      hashie (>= 1.2, < 3)
      rack
    omniauth-cas (1.0.2)
      addressable (~> 2.3)
      nokogiri (~> 1.5)
      omniauth (~> 1.1.0)
    page-object (0.9.8)
      page_navigation (>= 0.9)
      selenium-webdriver (>= 2.40.0)
      watir-webdriver (>= 0.6.8)
    page_navigation (0.9)
      data_magic (>= 0.14)
    parslet (1.4.0)
      blankslate (~> 2.0)
    pikaday-gem (1.1.0.0)
      railties (>= 3.1)
    placeholder-gem (3.0.2)
      railties (>= 3.1)
    polyglot (0.3.4)
    powerbar (1.0.11)
      ansi (~> 1.4.0)
      hashie (>= 1.1.0)
    protected_attributes (1.0.7)
      activemodel (>= 4.0.1, < 5.0)
    pry (0.9.12.6-java)
      coderay (~> 1.0)
      method_source (~> 0.8)
      slop (~> 3.4)
      spoon (~> 0.0)
    pundit (0.2.2)
      activesupport (>= 3.0.0)
    rack (1.5.2)
    rack-contrib (1.1.0)
      rack (>= 0.9.1)
    rack-livereload (0.3.15)
      rack
    rack-pjax (0.7.0)
      nokogiri (~> 1.5)
      rack (~> 1.3)
    rack-test (0.6.2)
      rack (>= 1.0)
    rails (4.0.5)
      actionmailer (= 4.0.5)
      actionpack (= 4.0.5)
      activerecord (= 4.0.5)
      activesupport (= 4.0.5)
      bundler (>= 1.3.0, < 2.0)
      railties (= 4.0.5)
      sprockets-rails (~> 2.0.0)
    rails-observers (0.1.2)
      activemodel (~> 4.0)
    rails-perftest (0.0.3)
    rails_admin (0.6.2)
      builder (~> 3.1)
      coffee-rails (~> 4.0)
      font-awesome-rails (>= 3.0)
      haml (~> 4.0)
      jquery-rails (~> 3.0)
      jquery-ui-rails (~> 4.0)
      kaminari (~> 0.14)
      nested_form (~> 0.3)
      rack-pjax (~> 0.7)
      rails (~> 4.0)
      remotipart (~> 1.0)
      safe_yaml (~> 1.0)
      sass-rails (~> 4.0)
    railties (4.0.5)
      actionpack (= 4.0.5)
      activesupport (= 4.0.5)
      rake (>= 0.8.7)
      thor (>= 0.18.1, < 2.0)
    rake (10.3.1)
    ravenjs-gem (1.1.14)
      railties (>= 3.1)
    rb-fchange (0.0.6)
      ffi
    rb-fsevent (0.9.4)
    rb-inotify (0.9.3)
      ffi (>= 0.5.0)
    remotipart (1.2.1)
    retriable (1.4.1)
    rspec (2.14.1)
      rspec-core (~> 2.14.0)
      rspec-expectations (~> 2.14.0)
      rspec-mocks (~> 2.14.0)
    rspec-core (2.14.8)
    rspec-expectations (2.14.5)
      diff-lcs (>= 1.1.3, < 2.0)
    rspec-mocks (2.14.6)
    rspec-rails (2.14.2)
      actionpack (>= 3.0)
      activemodel (>= 3.0)
      activesupport (>= 3.0)
      railties (>= 3.0)
      rspec-core (~> 2.14.0)
      rspec-expectations (~> 2.14.0)
      rspec-mocks (~> 2.14.0)
    rspec_junit_formatter (0.1.6)
      builder
      rspec (~> 2.0)
      rspec-core (!= 2.12.0)
    ruby-debug (0.10.5.rc9)
      columnize (>= 0.1)
      ruby-debug-base (~> 0.10.5.rc9.0)
    ruby-debug-base (0.10.5.rc9-java)
      linecache (~> 0.46)
    rubyzip (1.1.3)
    rvm-capistrano (1.3.4)
      capistrano (>= 2.0.0)
    safe_yaml (1.0.1)
    sass (3.2.18)
    sass-rails (4.0.2)
      railties (>= 4.0.0, < 5.0)
      sass (~> 3.2.0)
      sprockets (~> 2.8, <= 2.11.0)
      sprockets-rails (~> 2.0.0)
    secure_headers (0.5.0)
      brwsr (>= 1.1.1)
    selenium-webdriver (2.41.0)
      childprocess (>= 0.5.0)
      multi_json (~> 1.0)
      rubyzip (~> 1.0)
      websocket (~> 1.0.4)
    signet (0.5.0)
      addressable (>= 2.2.3)
      faraday (>= 0.9.0.rc5)
      jwt (>= 0.1.5)
      multi_json (>= 1.0.0)
    simplecov (0.7.1)
      multi_json (~> 1.0)
      simplecov-html (~> 0.7.1)
    simplecov-html (0.7.1)
    slop (3.5.0)
    spoon (0.0.4)
      ffi
    spork (1.0.0rc4)
    spork-rails (4.0.0)
      rails (>= 3.0.0, < 5)
      spork (>= 1.0rc0)
    sprockets (2.11.0)
      hike (~> 1.2)
      multi_json (~> 1.0)
      rack (~> 1.0)
      tilt (~> 1.1, != 1.3.0)
    sprockets-rails (2.0.1)
      actionpack (>= 3.0)
      activesupport (>= 3.0)
      sprockets (~> 2.8)
    systemu (2.6.4)
    therubyrhino (2.0.3)
      therubyrhino_jar (>= 1.7.3)
    therubyrhino_jar (1.7.4)
    thor (0.19.1)
    thread_safe (0.3.3-java)
    tilt (1.4.1)
    timers (1.1.0)
    torquebox (3.0.2)
      thor (>= 0.14.6)
      torquebox-cache (= 3.0.2)
      torquebox-configure (= 3.0.2)
      torquebox-core (= 3.0.2)
      torquebox-messaging (= 3.0.2)
      torquebox-naming (= 3.0.2)
      torquebox-rake-support (= 3.0.2)
      torquebox-security (= 3.0.2)
      torquebox-stomp (= 3.0.2)
      torquebox-transactions (= 3.0.2)
      torquebox-web (= 3.0.2)
    torquebox-cache (3.0.2-java)
      torquebox-core (= 3.0.2)
      torquebox-transactions (= 3.0.2)
    torquebox-configure (3.0.2-java)
      blankslate (= 2.1.2.4)
    torquebox-core (3.0.2-java)
      edn (= 1.0.0)
    torquebox-messaging (3.0.2-java)
      torquebox-core (= 3.0.2)
      torquebox-transactions (= 3.0.2)
    torquebox-naming (3.0.2-java)
      torquebox-core (= 3.0.2)
    torquebox-rake-support (3.0.2)
      rake (>= 0.8.7)
    torquebox-security (3.0.2-java)
      torquebox-core (= 3.0.2)
    torquebox-server (3.0.2-java)
      torquebox (= 3.0.2)
    torquebox-stomp (3.0.2)
      torquebox-core (= 3.0.2)
      torquebox-messaging (= 3.0.2)
    torquebox-transactions (3.0.2)
      torquebox-core (= 3.0.2)
    torquebox-web (3.0.2-java)
    treetop (1.4.15)
      polyglot
      polyglot (>= 0.3.1)
    tzinfo (0.3.39)
    uuid (2.3.7)
      macaddr (~> 1.0)
    uuidtools (2.1.4)
    vcr (2.5.0)
    watir-webdriver (0.6.9)
      selenium-webdriver (>= 2.18.0)
    webmock (1.11.0)
      addressable (>= 2.2.7)
      crack (>= 0.3.2)
    websocket (1.0.7)
    xpath (2.0.0)
      nokogiri (~> 1.3)
    yml_reader (0.2)

PLATFORMS
  java

DEPENDENCIES
  actionpack-action_caching (~> 1.1.1)
  actionpack-page_caching (~> 1.0.2)
  actionpack-xml_parser (~> 1.0.1)
  actionview-encoded_mail_to (~> 1.0.4)
  active_attr (~> 0.8.3)
  activerecord-jdbc-adapter (~> 1.3.7)
  activerecord-jdbch2-adapter (~> 1.3.7)
  activerecord-jdbcpostgresql-adapter (~> 1.3.7)
  activerecord-jdbcsqlite3-adapter (~> 1.3.7)
  activerecord-oracle_enhanced-adapter (= 1.5.5)
  activerecord-session_store (~> 0.1.0)
  activeresource (~> 4.0.0)
  addressable (~> 2.3.4)
  angular-gem (= 1.2.18.1)
  angular-rails-templates (~> 0.1.2)
  bootstrap-sass (~> 3.1.1)
  bundler (~> 1.6.1)
  cancan (~> 1.6.10)
  capistrano (~> 2.15.4)
  capybara (~> 2.1.0)
  closure-compiler (~> 1.1.10)
  coffee-rails (~> 4.0.1)
  compass-rails (~> 1.1.7)
  dalli (~> 2.7.2)
  faraday (~> 0.9.0)
  faraday_middleware (~> 0.9.1)
  font-awesome-rails (~> 4.0.3.1)
  foundation-rails (~> 5.2.2.0)
  google-api-client (~> 0.7.1)
  guard-livereload (~> 1.4.0)
  headless (~> 1.0.1)
  httparty (~> 0.13)
  icalendar (~> 2.1.0)
  ims-lti!
  jruby-activemq (~> 5.5.1)
  json (~> 1.8.0)
  link_header (~> 0.0.7)
  log4r (~> 1.1)
  meta_request (~> 0.2.8)
  minitest-reporters (~> 0.14.20)
  momentjs-rails (~> 2.5.1)
  ngmin-rails (~> 0.4.0)
  nokogiri (~> 1.5.9)
  omniauth-cas (~> 1.0.1)
  page-object (~> 0.9.8)
  pikaday-gem (~> 1.1.0.0)
  placeholder-gem (~> 3.0.2)
  protected_attributes (~> 1.0.7)
  pundit (~> 0.2.2)
  rack-livereload (~> 0.3.15)
  rails (= 4.0.5)
  rails-observers (~> 0.1.2)
  rails-perftest (~> 0.0.3)
  rails_admin (= 0.6.2)
  ravenjs-gem (~> 1.1.14)
  rb-fchange (~> 0.0.6)
  rb-fsevent (~> 0.9.2)
  rb-inotify (~> 0.9.0)
  retriable (~> 1.4)
  rspec-mocks (~> 2.14.6)
  rspec-rails (~> 2.14.2)
  rspec_junit_formatter (~> 0.1.2)
  ruby-debug (>= 0.10.5.rc9)
  rvm-capistrano (~> 1.3.1)
  sass-rails (~> 4.0.2)
  secure_headers (~> 0.5.0)
  selenium-webdriver (~> 2.41.0)
  signet (~> 0.5)
  simplecov (~> 0.7.1)
  spork-rails (~> 4.0.0)
  therubyrhino (~> 2.0.3)
  torquebox (~> 3.0.1)
  torquebox-messaging (~> 3.0.1)
  torquebox-server (~> 3.0.1)
  vcr (~> 2.5.0)
  webmock (~> 1.11.0)
